GEM
  remote: http://rubygems.org/
  specs:
    activesupport (8.0.0)
      base64
      benchmark (>= 0.3)
      bigdecimal
      concurrent-ruby (~> 1.0, >= 1.3.1)
      connection_pool (>= 2.2.5)
      drb
      i18n (>= 1.6, < 2)
      logger (>= 1.4.2)
      minitest (>= 5.1)
      securerandom (>= 0.3)
      tzinfo (~> 2.0, >= 2.0.5)
      uri (>= 0.13.1)
    ast (2.4.2)
    base64 (0.2.0)
    benchmark (0.4.0)
    bigdecimal (3.1.8)
    concurrent-ruby (1.3.4)
    connection_pool (2.4.1)
    diff-lcs (1.5.1)
    drb (2.2.1)
    i18n (1.14.6)
      concurrent-ruby (~> 1.0)
    json (2.9.0)
    language_server-protocol (3.17.0.3)
    logger (1.6.2)
    mini_portile2 (2.8.8)
    minitest (5.25.4)
    mustermann (3.0.3)
      ruby2_keywords (~> 0.0.1)
    nio4r (2.7.4)
    parallel (1.26.3)
    parser (3.3.6.0)
      ast (~> 2.4.1)
      racc
    puma (6.5.0)
      nio4r (~> 2.0)
    racc (1.8.1)
    rack (3.1.8)
    rack-protection (4.1.1)
      base64 (>= 0.1.0)
      logger (>= 1.6.0)
      rack (>= 3.0.0, < 4)
    rack-session (2.0.0)
      rack (>= 3.0.0)
    rack-test (2.1.0)
      rack (>= 1.3)
    rainbow (3.1.1)
    regexp_parser (2.9.3)
    rspec (3.13.0)
      rspec-core (~> 3.13.0)
      rspec-expectations (~> 3.13.0)
      rspec-mocks (~> 3.13.0)
    rspec-core (3.13.2)
      rspec-support (~> 3.13.0)
    rspec-expectations (3.13.3)
      diff-lcs (>= 1.2.0, < 2.0)
      rspec-support (~> 3.13.0)
    rspec-mocks (3.13.2)
      diff-lcs (>= 1.2.0, < 2.0)
      rspec-support (~> 3.13.0)
    rspec-support (3.13.2)
    rubocop (1.69.0)
      json (~> 2.3)
      language_server-protocol (>= 3.17.0)
      parallel (~> 1.10)
      parser (>= 3.3.0.2)
      rainbow (>= 2.2.2, < 4.0)
      regexp_parser (>= 2.4, < 3.0)
      rubocop-ast (>= 1.36.1, < 2.0)
      ruby-progressbar (~> 1.7)
      unicode-display_width (>= 2.4.0, < 4.0)
    rubocop-ast (1.36.2)
      parser (>= 3.3.1.0)
    rubocop-capybara (2.21.0)
      rubocop (~> 1.41)
    rubocop-govuk (5.0.4)
      rubocop (= 1.69.0)
      rubocop-ast (= 1.36.2)
      rubocop-capybara (= 2.21.0)
      rubocop-rails (= 2.27.0)
      rubocop-rake (= 0.6.0)
      rubocop-rspec (= 3.2.0)
    rubocop-rails (2.27.0)
      activesupport (>= 4.2.0)
      rack (>= 1.1)
      rubocop (>= 1.52.0, < 2.0)
      rubocop-ast (>= 1.31.1, < 2.0)
    rubocop-rake (0.6.0)
      rubocop (~> 1.0)
    rubocop-rspec (3.2.0)
      rubocop (~> 1.61)
    ruby-progressbar (1.13.0)
    ruby2_keywords (0.0.5)
    securerandom (0.4.0)
    sequel (5.87.0)
      bigdecimal
    sinatra (4.1.1)
      logger (>= 1.6.0)
      mustermann (~> 3.0)
      rack (>= 3.0.0, < 4)
      rack-protection (= 4.1.1)
      rack-session (>= 2.0.0, < 3)
      tilt (~> 2.0)
    sqlite3 (2.4.0)
      mini_portile2 (~> 2.8.0)
    tilt (2.4.0)
    tzinfo (2.0.6)
      concurrent-ruby (~> 1.0)
    unicode-display_width (3.1.2)
      unicode-emoji (~> 4.0, >= 4.0.4)
    unicode-emoji (4.0.4)
    uri (1.0.2)

PLATFORMS
  ruby
  x86_64-linux

DEPENDENCIES
  puma
  rack-test
  rspec
  rubocop-govuk
  sequel
  sinatra
  sqlite3

RUBY VERSION
   ruby 3.3.6

BUNDLED WITH
   2.5.22
